GEM
  remote: http://rubygems.org/
  specs:
    cabin (0.5.0)
    haml (3.1.7)
    jls-grok (0.10.10)
      cabin (~> 0.5.0)
    json (1.7.5)
    rack (1.4.1)
    rack-protection (1.2.0)
      rack
    shotgun (0.9)
      rack (>= 1.0)
    sinatra (1.3.3)
      rack (~> 1.3, >= 1.3.6)
      rack-protection (~> 1.2)
      tilt (~> 1.3, >= 1.3.3)
    tilt (1.3.3)

PLATFORMS
  ruby

DEPENDENCIES
  haml
  jls-grok
  json
  shotgun
  sinatra
